PATH
  remote: /etna
  specs:
    etna (0.1.32)
      concurrent-ruby
      concurrent-ruby-ext
      jwt
      multipart-post
      nokogiri
      rack
      rollbar

GEM
  remote: https://rubygems.org/
  specs:
    activesupport (6.1.3.1)
      concurrent-ruby (~> 1.0, >= 1.0.2)
      i18n (>= 1.6, < 2)
      minitest (>= 5.1)
      tzinfo (~> 2.0)
      zeitwerk (~> 2.3)
    coderay (1.1.3)
    concurrent-ruby (1.1.8)
    concurrent-ruby-ext (1.1.8)
      concurrent-ruby (= 1.1.8)
    database_cleaner (1.8.5)
    diff-lcs (1.4.4)
    docile (1.3.5)
    factory_bot (6.1.0)
      activesupport (>= 5.0.0)
    i18n (1.8.10)
      concurrent-ruby (~> 1.0)
    jwt (2.2.2)
    method_source (1.0.0)
    mini_portile2 (2.5.0)
    minitest (5.14.4)
    multipart-post (2.1.1)
    nio4r (2.5.7)
    nokogiri (1.11.2)
      mini_portile2 (~> 2.5.0)
      racc (~> 1.4)
    nokogiri (1.11.2-x86_64-linux)
      racc (~> 1.4)
    pg (1.2.3)
    pry (0.14.0)
      coderay (~> 1.1)
      method_source (~> 1.0)
    puma (5.2.2)
      nio4r (~> 2.0)
    racc (1.5.2)
    rack (2.2.3)
    rack-test (1.1.0)
      rack (>= 1.0, < 3)
    rack-throttle (0.7.0)
      bundler (>= 1.0.0)
      rack (>= 1.0.0)
    rollbar (3.1.2)
    rspec (3.10.0)
      rspec-core (~> 3.10.0)
      rspec-expectations (~> 3.10.0)
      rspec-mocks (~> 3.10.0)
    rspec-core (3.10.1)
      rspec-support (~> 3.10.0)
    rspec-expectations (3.10.1)
      diff-lcs (>= 1.2.0, < 2.0)
      rspec-support (~> 3.10.0)
    rspec-mocks (3.10.2)
      diff-lcs (>= 1.2.0, < 2.0)
      rspec-support (~> 3.10.0)
    rspec-support (3.10.2)
    sequel (5.43.0)
    simplecov (0.21.2)
      docile (~> 1.1)
      simplecov-html (~> 0.11)
      simplecov_json_formatter (~> 0.1)
    simplecov-html (0.12.3)
    simplecov_json_formatter (0.1.2)
    timecop (0.9.4)
    tzinfo (2.0.4)
      concurrent-ruby (~> 1.0)
    zeitwerk (2.4.2)

PLATFORMS
  ruby
  x86_64-linux

DEPENDENCIES
  concurrent-ruby
  database_cleaner (= 1.8.5)
  etna!
  factory_bot
  jwt
  pg
  pry
  puma (>= 5.0.2)
  rack
  rack-test
  rack-throttle
  rspec
  sequel
  simplecov
  timecop

RUBY VERSION
   ruby 2.5.7p206

BUNDLED WITH
   2.2.14
